GIT
  remote: git://github.com/outoftime/soolr.git
  revision: b1ddfd13ab8d39c9ffa07f8355e4911860c45f5f
  specs:
    soolr (2.0.pre.1)

PATH
  remote: .
  specs:
    sunspot-client (2.0.pre.1)
      json_pure (~> 1.5.1)
      rsolr (~> 1.0)
      soolr (= 2.0.pre.1)

GEM
  remote: http://rubygems.org/
  specs:
    builder (3.0.0)
    diff-lcs (1.1.2)
    fakeweb (1.3.0)
    json_pure (1.5.1)
    rsolr (1.0.0)
      builder (>= 2.1.2)
    rspec (2.6.0)
      rspec-core (~> 2.6.0)
      rspec-expectations (~> 2.6.0)
      rspec-mocks (~> 2.6.0)
    rspec-core (2.6.0)
    rspec-expectations (2.6.0)
      diff-lcs (~> 1.1.2)
    rspec-mocks (2.6.0)

PLATFORMS
  ruby

DEPENDENCIES
  fakeweb
  rspec
  soolr!
  sunspot-client!
